GEM
  remote: https://rubygems.org/
  specs:
    dudegl (0.2.4)

PLATFORMS
  ruby

DEPENDENCIES
  dudegl

BUNDLED WITH
   2.0.1
